GEM
  remote: http://rubygems.org/
  specs:
    Ascii85 (1.0.1)
    actionmailer (2.3.14)
      actionpack (= 2.3.14)
    actionpack (2.3.14)
      activesupport (= 2.3.14)
      rack (~> 1.1.0)
    activerecord (2.3.14)
      activesupport (= 2.3.14)
    activeresource (2.3.14)
      activesupport (= 2.3.14)
    activesupport (2.3.14)
    cgi_multipart_eof_fix (2.5.0)
    coderay (1.0.7)
    daemons (1.1.4)
    fastthread (1.0.7)
    gem_plugin (0.2.3)
    haml (3.1.6)
    hashie (1.2.0)
    method_source (0.8)
    mongrel (1.1.5)
      cgi_multipart_eof_fix (>= 2.4)
      daemons (>= 1.0.3)
      fastthread (>= 1.0.1)
      gem_plugin (>= 0.2.3)
    multi_json (1.3.6)
    mysql (2.8.1)
    oauth (0.4.6)
    omniauth (1.0.0)
      hashie (~> 1.2)
      rack
    omniauth-google (1.0.1)
      multi_json
      omniauth (~> 1.0.0)
      omniauth-oauth
    omniauth-oauth (1.0.1)
      oauth
      omniauth (~> 1.0)
    pdf-reader (0.10.0)
      Ascii85 (~> 1.0.0)
    prawn (0.12.0)
      pdf-reader (>= 0.9.0)
      ttfunk (~> 1.0.2)
    pry (0.9.10)
      coderay (~> 1.0.5)
      method_source (~> 0.8)
      slop (~> 3.3.1)
    rack (1.1.2)
    rails (2.3.14)
      actionmailer (= 2.3.14)
      actionpack (= 2.3.14)
      activerecord (= 2.3.14)
      activeresource (= 2.3.14)
      activesupport (= 2.3.14)
      rake (>= 0.8.3)
    rake (0.9.2)
    slop (3.3.2)
    sqlite3 (1.3.8)
    ttfunk (1.0.2)

PLATFORMS
  ruby

DEPENDENCIES
  haml
  mongrel
  mysql
  omniauth (~> 1.0.0)
  omniauth-google
  prawn (= 0.12.0)
  pry
  rails (= 2.3.14)
  sqlite3
